GEM
  remote: https://rubygems.org/
  specs:
    json (1.8.3)
    newrelic_plugin (1.3.1)
      json

PLATFORMS
  ruby

DEPENDENCIES
  newrelic_plugin

BUNDLED WITH
   1.10.6
